PATH
  remote: .
  specs:
    ios-asset-updater (0.0.2)
      colorize (~> 0.8.1)

GEM
  remote: https://rubygems.org/
  specs:
    ast (2.4.0)
    colorize (0.8.1)
    parallel (1.19.1)
    parser (2.7.1.2)
      ast (~> 2.4.0)
    rainbow (3.0.0)
    rexml (3.2.5)
    rubocop (0.83.0)
      parallel (~> 1.10)
      parser (>= 2.7.0.1)
      rainbow (>= 2.2.2, < 4.0)
      rexml
      ruby-progressbar (~> 1.7)
      unicode-display_width (>= 1.4.0, < 2.0)
    ruby-progressbar (1.10.1)
    unicode-display_width (1.7.0)

PLATFORMS
  ruby

DEPENDENCIES
  ios-asset-updater!
  rubocop (~> 0.83.0)

BUNDLED WITH
   1.17.3
